PATH
  remote: .
  specs:
    throw_here (0.1.0)
      nokogiri
      open-uri
      progress_bar

GEM
  remote: https://rubygems.org/
  specs:
    coderay (1.1.3)
    date (3.2.2)
    highline (2.0.3)
    method_source (1.0.0)
    nokogiri (1.13.0-x86_64-linux)
      racc (~> 1.4)
    open-uri (0.2.0)
      stringio
      time
      uri
    options (2.3.2)
    progress_bar (1.3.3)
      highline (>= 1.6, < 3)
      options (~> 2.3.0)
    pry (0.14.1)
      coderay (~> 1.1)
      method_source (~> 1.0)
    racc (1.6.0)
    rake (13.0.6)
    stringio (3.0.1)
    time (0.2.0)
      date
    uri (0.11.0)

PLATFORMS
  x86_64-linux

DEPENDENCIES
  bundler (~> 2.0)
  pry
  rake (~> 13.0)
  throw_here!

BUNDLED WITH
   2.2.26
